PATH
  remote: .
  specs:
    large-hadron-migrator (0.1.3)
      activerecord (~> 2.3.8)
      activesupport (~> 2.3.8)

GEM
  remote: http://rubygems.org/
  specs:
    activerecord (2.3.8)
      activesupport (= 2.3.8)
    activesupport (2.3.8)
    rspec (1.3.1)

PLATFORMS
  ruby

DEPENDENCIES
  large-hadron-migrator!
  rspec (= 1.3.1)
